GEM
  remote: http://rubygems.org/
  specs:
    commonjs (0.2.6)
    jsmin (1.0.1)
    less (2.3.1)
      commonjs (~> 0.2.6)
    rack (1.5.2)
    rack-protection (1.5.0)
      rack
    rack-test (0.6.2)
      rack (>= 1.0)
    sinatra (1.4.2)
      rack (~> 1.5, >= 1.5.2)
      rack-protection (~> 1.4)
      tilt (~> 1.3, >= 1.3.4)
    sinatra-assetpack (0.1.7)
      jsmin
      rack-test
      sinatra
      tilt (>= 1.3.0)
    tilt (1.3.6)

PLATFORMS
  ruby

DEPENDENCIES
  less
  sinatra
  sinatra-assetpack
